GEM
  remote: https://rubygems.org/
  specs:
    bcrypt (3.1.18)
    concurrent-ruby (1.1.10)
    dotenv (2.8.1)
    httparty (0.20.0)
      mime-types (~> 3.0)
      multi_xml (>= 0.5.2)
    i18n (0.9.5)
      concurrent-ruby (~> 1.0)
    lyrics_finder (0.3.1)
      i18n (~> 0.9)
      nokogiri (~> 1.8)
      thor (~> 0.19)
    mime-types (3.4.1)
      mime-types-data (~> 3.2015)
    mime-types-data (3.2022.0105)
    mini_portile2 (2.8.0)
    multi_xml (0.6.0)
    mustermann (2.0.2)
      ruby2_keywords (~> 0.0.1)
    nio4r (2.5.8)
    nokogiri (1.13.8)
      mini_portile2 (~> 2.8.0)
      racc (~> 1.4)
    pg (1.4.3)
    puma (5.6.5)
      nio4r (~> 2.0)
    racc (1.6.0)
    rack (2.2.4)
    rack-protection (2.2.2)
      rack
    ruby2_keywords (0.0.5)
    sinatra (2.2.2)
      mustermann (~> 2.0)
      rack (~> 2.2)
      rack-protection (= 2.2.2)
      tilt (~> 2.0)
    thor (0.20.3)
    tilt (2.0.11)

PLATFORMS
  ruby

DEPENDENCIES
  bcrypt
  dotenv
  httparty
  lyrics_finder
  pg
  puma
  sinatra

BUNDLED WITH
   2.1.4
